GIT
  remote: http://github.com/mongoid/mongoid.git
  revision: 0ae12cabb128b2771605c9acb9ddb77ceaefc840
  specs:
    mongoid (2.0.0.rc.7)
      activemodel (~> 3.0)
      mongo (~> 1.2)
      tzinfo (~> 0.3.22)
      will_paginate (~> 3.0.pre)

PATH
  remote: /home/gimi/projects/github/mustache
  specs:
    mustache (0.12.0)

GEM
  specs:
    activemodel (3.0.4)
      activesupport (= 3.0.4)
      builder (~> 2.1.2)
      i18n (~> 0.4)
    activesupport (3.0.4)
    bson (1.2.2)
    bson_ext (1.2.2)
    builder (2.1.2)
    daemons (1.1.0)
    eventmachine (0.12.10)
    http_router (0.5.3)
      rack (>= 1.0.0)
      url_mount (~> 0.2.1)
    i18n (0.5.0)
    mongo (1.2.2)
      bson (>= 1.2.2)
    rack (1.2.1)
    thin (1.2.7)
      daemons (>= 1.0.9)
      eventmachine (>= 0.12.6)
      rack (>= 1.0.0)
    tzinfo (0.3.24)
    url_mount (0.2.1)
      rack
    will_paginate (3.0.pre2)

PLATFORMS
  ruby

DEPENDENCIES
  bson_ext
  http_router
  mongoid!
  mustache!
  thin
